PATH
  remote: .
  specs:
    troy (0.0.12)
      builder
      i18n
      rack
      redcarpet
      sass
      sprockets (>= 2.8.0)
      thor
      uglifier

GEM
  remote: http://rubygems.org/
  specs:
    builder (3.1.4)
    diff-lcs (1.1.3)
    execjs (1.4.0)
      multi_json (~> 1.0)
    hike (1.2.1)
    i18n (0.6.1)
    multi_json (1.5.0)
    rack (1.5.1)
    redcarpet (2.2.2)
    rspec (2.12.0)
      rspec-core (~> 2.12.0)
      rspec-expectations (~> 2.12.0)
      rspec-mocks (~> 2.12.0)
    rspec-core (2.12.2)
    rspec-expectations (2.12.1)
      diff-lcs (~> 1.1.3)
    rspec-mocks (2.12.1)
    sass (3.2.5)
    sprockets (2.8.2)
      hike (~> 1.2)
      multi_json (~> 1.0)
      rack (~> 1.0)
      tilt (~> 1.1, != 1.3.0)
    thor (0.17.0)
    tilt (1.3.3)
    uglifier (1.3.0)
      execjs (>= 0.3.0)
      multi_json (~> 1.0, >= 1.0.2)

PLATFORMS
  ruby

DEPENDENCIES
  rspec
  troy!
