PATH
  remote: .
  specs:
    troy (0.0.22)
      builder
      html_press
      i18n
      rack
      redcarpet
      sass
      sprockets (>= 2.8.0)
      thor
      uglifier

GEM
  remote: https://rubygems.org/
  specs:
    builder (3.2.2)
    css_press (0.3.2)
      csspool-st (= 3.1.2)
      json
    csspool-st (3.1.2)
    execjs (2.0.2)
    hike (1.2.3)
    html_press (0.8.2)
      htmlentities
      multi_css (>= 0.1.0)
      multi_js (>= 0.1.0)
    htmlentities (4.3.1)
    i18n (0.6.5)
    json (1.8.0)
    multi_css (0.1.0)
      css_press
    multi_js (0.1.0)
      uglifier (~> 2)
    multi_json (1.8.2)
    rack (1.5.2)
    redcarpet (3.0.0)
    sass (3.2.12)
    sprockets (2.10.0)
      hike (~> 1.2)
      multi_json (~> 1.0)
      rack (~> 1.0)
      tilt (~> 1.1, != 1.3.0)
    thor (0.18.1)
    tilt (1.4.1)
    uglifier (2.2.1)
      execjs (>= 0.3.0)
      multi_json (~> 1.0, >= 1.0.2)

PLATFORMS
  ruby

DEPENDENCIES
  troy!
